{
	"TaskName": "ndscore",
	"Modality": "MR",
	"MagneticFieldStrength": 6.98,
	"ImagingFrequency": 297.313,
	"Manufacturer": "Siemens",
	"ManufacturersModelName": "Investigational_Device_7T",
	"InstitutionName": "CMRR_7T_PS",
	"InstitutionalDepartmentName": "CMRR",
	"InstitutionAddress": "6th_Street_SE_2021_Minneapolis_114426_Chicago_US_55455",
	"DeviceSerialNumber": "18912",
	"StationName": "SEPTET",
	"PatientPosition": "HFS",
	"ProcedureStepDescription": "cvnlab_nova1x32",
	"SoftwareVersions": "syngo_MR_B17",
	"MRAcquisitionType": "2D",
	"SeriesDescription": "cmrr_mbep2d_bold_84slices_1pt8mm_1600TR_MB3_R2",
	"ProtocolName": "cmrr_mbep2d_bold_84slices_1pt8mm_1600TR_MB3_R2",
	"ScanningSequence": "EP",
	"SequenceVariant": "SK_SS",
	"ScanOptions": "PFP_FS",
	"SequenceName": "epfid2d1_120",
	"ImageType": ["ORIGINAL", "PRIMARY", "M", "MB", "ND", "MOSAIC"],
	"SeriesNumber": 7,
	"AcquisitionTime": "16:25:2.355000",
	"AcquisitionNumber": 1,
	"ImageComments": "Unaliased_MB3_PE4",
	"SliceThickness": 1.8,
	"SpacingBetweenSlices": 1.8,
	"SAR": 0.0681838,
	"EchoTime": 0.022,
	"RepetitionTime": 1.6,
	"FlipAngle": 62,
	"PartialFourier": 0.875,
	"BaseResolution": 120,
	"ShimSetting": [
		-477,
		-59,
		366,
		5539,
		-215,
		361,
		-347,
		-175	],
	"TxRefAmp": 180,
	"PhaseResolution": 1,
	"ReceiveCoilName": "32Ch_Head_7T",
	"CoilString": "C:A32",
	"PulseSequenceDetails": "%CustomerSeq%_cmrr_mbep2d_bold",
	"MultibandAccelerationFactor": 3,
	"PercentPhaseFOV": 100,
	"PhaseEncodingSteps": 104,
	"AcquisitionMatrixPE": 120,
	"ReconMatrixPE": 120,
	"BandwidthPerPixelPhaseEncode": 25.253,
	"ParallelReductionFactorInPlane": 2,
	"EffectiveEchoSpacing": 0.000329994,
	"DerivedVendorReportedEchoSpacing": 0.000659988,
	"TotalReadoutTime": 0.0392693,
	"PixelBandwidth": 1736,
	"DwellTime": 2.4e-06,
	"PhaseEncodingDirection": "j-",
	"SliceTiming": [
		0,
		0.7475,
		1.4925,
		0.6325,
		1.3775,
		0.5175,
		1.2625,
		0.4025,
		1.1475,
		0.2875,
		1.0325,
		0.1725,
		0.92,
		0.0575,
		0.805,
		1.55,
		0.69,
		1.435,
		0.575,
		1.32,
		0.46,
		1.205,
		0.345,
		1.09,
		0.23,
		0.9775,
		0.115,
		0.8625,
		0,
		0.7475,
		1.4925,
		0.6325,
		1.3775,
		0.5175,
		1.2625,
		0.4025,
		1.1475,
		0.2875,
		1.0325,
		0.1725,
		0.92,
		0.0575,
		0.805,
		1.55,
		0.69,
		1.435,
		0.575,
		1.32,
		0.46,
		1.205,
		0.345,
		1.09,
		0.23,
		0.9775,
		0.115,
		0.8625,
		0,
		0.7475,
		1.4925,
		0.6325,
		1.3775,
		0.5175,
		1.2625,
		0.4025,
		1.1475,
		0.2875,
		1.0325,
		0.1725,
		0.92,
		0.0575,
		0.805,
		1.55,
		0.69,
		1.435,
		0.575,
		1.32,
		0.46,
		1.205,
		0.345,
		1.09,
		0.23,
		0.9775,
		0.115,
		0.8625	],
	"ImageOrientationPatientDICOM": [
		1,
		-1e-16,
		0,
		1e-16,
		0.994338,
		-0.106264	],
	"InPlanePhaseEncodingDirectionDICOM": "COL",
	"ConversionSoftware": "dcm2niix",
	"ConversionSoftwareVersion": "v1.0.20181125  GCC4.3.2"
}